GEM
  remote: https://rubygems.org/
  specs:
    debase (0.2.2)
      debase-ruby_core_source (>= 0.10.2)
    debase-ruby_core_source (0.10.5)
    dotenv (2.7.4)
    mail (2.7.1)
      mini_mime (>= 0.1.1)
    mini_mime (1.0.1)
    rake (12.3.2)
    ruby-debug-ide (0.7.0)
      rake (>= 0.8.1)

PLATFORMS
  x64-mingw32

DEPENDENCIES
  debase
  dotenv
  mail
  ruby-debug-ide

BUNDLED WITH
   1.17.2
